PATH
  remote: .
  specs:
    aws-embedded-metrics-customink (0.2.0)

GEM
  remote: https://rubygems.org/
  specs:
    coderay (1.1.3)
    method_source (1.0.0)
    minitest (5.14.1)
    mocha (1.11.2)
    pry (0.13.1)
      coderay (~> 1.1)
      method_source (~> 1.0)
    rake (13.0.1)

PLATFORMS
  ruby

DEPENDENCIES
  aws-embedded-metrics-customink!
  minitest
  mocha
  pry
  rake

BUNDLED WITH
   2.1.2
