PATH
  remote: .
  specs:
    aws-embedded-metrics-customink (0.7.0)
      concurrent-ruby
      tcp-client

GEM
  remote: https://rubygems.org/
  specs:
    ast (2.4.1)
    coderay (1.1.3)
    concurrent-ruby (1.1.10)
    method_source (1.0.0)
    minitest (5.14.1)
    mocha (1.11.2)
    parallel (1.19.2)
    parser (2.7.1.4)
      ast (~> 2.4.1)
    pry (0.13.1)
      coderay (~> 1.1)
      method_source (~> 1.0)
    rainbow (3.0.0)
    rake (13.0.1)
    regexp_parser (1.7.1)
    rexml (3.2.3)
    rubocop (0.88.0)
      parallel (~> 1.10)
      parser (>= 2.7.1.1)
      rainbow (>= 2.2.2, < 4.0)
      regexp_parser (>= 1.7)
      rexml
      rubocop-ast (>= 0.1.0, < 1.0)
      ruby-progressbar (~> 1.7)
      unicode-display_width (>= 1.4.0, < 2.0)
    rubocop-ast (0.2.0)
      parser (>= 2.7.0.1)
    ruby-progressbar (1.10.1)
    tcp-client (0.11.2)
    unicode-display_width (1.7.0)

PLATFORMS
  ruby

DEPENDENCIES
  aws-embedded-metrics-customink!
  minitest
  mocha
  pry
  rake
  rubocop

BUNDLED WITH
   2.3.5
